{
	"TaskName": "imagery",
	"Manufacturer": "NeuSen W (Neuracle, Inc.)",
	"PowerLineFrequency": 50.0,
	"SamplingFrequency": 1000.0,
	"SoftwareFilters": "n/a",
	"RecordingDuration": 359.999,
	"RecordingType": "continuous",
	"EEGReference": "n/a",
	"EEGGround": "n/a",
	"EEGPlacementScheme": "10-20 system",
	"EEGChannelCount": 64,
	"EOGChannelCount": 0,
	"ECGChannelCount": 0,
	"EMGChannelCount": 0,
	"TriggerChannelCount": 0,
	"ManufacturersModelName": "NeuSen W (Neuracle, Inc.)",
	"SoftwareVersions": "n/a",
	"HardwareFilters": {
		"HardwareFilter": {
			"notch": 50.0
		}
	},
	"TaskDescription": "Binary gait MI vs idle. 27 stroke patients, 5 experiment types (pre/MI-SES/MI-IES/post/follow). ~4 runs x 20 trials per session. Trial duration: 5.0s, imagery: 5.0s.",
	"Instructions": "n/a",
	"CogAtlasID": "https://www.cognitiveatlas.org/task/id/trm_4c8a834779883/",
	"InstitutionName": "Tianjin University",
	"InstitutionAddress": "CN",
	"InstitutionalDepartmentName": "n/a",
	"CapManufacturer": "n/a",
	"CapManufacturersModelName": "n/a",
	"SubjectArtefactDescription": "n/a",
	"DeviceSerialNumber": "n/a",
	"Description": "EEG recording.",
	"MISCChannelCount": 0
}